GEM
  remote: http://rubygems.org/
  specs:
    builder (3.0.0)
    oauth (0.4.6)

PLATFORMS
  ruby

DEPENDENCIES
  builder
  oauth
