GEM
  remote: https://rubygems.org/
  specs:
    json (1.8.1)
    oauth (0.4.6)

PLATFORMS
  ruby

DEPENDENCIES
  json
  oauth
